GIT
  remote: git://github.com/theforeman/smart-proxy.git
  revision: 0e0050af9ee0a57fc8e5ebc4199188fe7aeb0e7a
  branch: develop
  specs:
    smart_proxy (1.16.0.develop)
      json
      rack (>= 1.1)
      sinatra

PATH
  remote: .
  specs:
    smart_proxy_realm_ad_plugin (0.1)

GEM
  remote: https://rubygems.org/
  specs:
    json (2.1.0)
    metaclass (0.0.4)
    mocha (1.2.1)
      metaclass (~> 0.0.1)
    mustermann (1.0.0)
    power_assert (1.0.2)
    rack (2.0.3)
    rack-protection (2.0.0)
      rack
    rake (12.0.0)
    rake-compiler (1.0.4)
      rake
    rkerberos (0.1.5)
      rake-compiler
    sinatra (2.0.0)
      mustermann (~> 1.0)
      rack (~> 2.0)
      rack-protection (= 2.0.0)
      tilt (~> 2.0)
    test-unit (3.2.5)
      power_assert
    tilt (2.0.8)

PLATFORMS
  ruby

DEPENDENCIES
  mocha
  rake
  rkerberos
  smart_proxy!
  smart_proxy_realm_ad_plugin!
  test-unit

BUNDLED WITH
   1.13.6
